PATH
  remote: .
  specs:
    rioc (0.1.0)

GEM
  remote: https://rubygems.org/
  specs:
    minitest (5.14.4)
    rake (12.3.3)

PLATFORMS
  ruby
  x64-mingw32
  x86_64-linux

DEPENDENCIES
  minitest (~> 5.0)
  rake (~> 12.0)
  rioc!

BUNDLED WITH
   2.1.4
